GEM
  remote: https://rubygems.org/
  specs:
    actioncable (6.1.7.10)
      actionpack (= 6.1.7.10)
      activesupport (= 6.1.7.10)
      nio4r (~> 2.0)
      websocket-driver (>= 0.6.1)
    actionmailbox (6.1.7.10)
      actionpack (= 6.1.7.10)
      activejob (= 6.1.7.10)
      activerecord (= 6.1.7.10)
      activestorage (= 6.1.7.10)
      activesupport (= 6.1.7.10)
      mail (>= 2.7.1)
    actionmailer (6.1.7.10)
      actionpack (= 6.1.7.10)
      actionview (= 6.1.7.10)
      activejob (= 6.1.7.10)
      activesupport (= 6.1.7.10)
      mail (~> 2.5, >= 2.5.4)
      rails-dom-testing (~> 2.0)
    actionpack (6.1.7.10)
      actionview (= 6.1.7.10)
      activesupport (= 6.1.7.10)
      rack (~> 2.0, >= 2.0.9)
      rack-test (>= 0.6.3)
      rails-dom-testing (~> 2.0)
      rails-html-sanitizer (~> 1.0, >= 1.2.0)
    actiontext (6.1.7.10)
      actionpack (= 6.1.7.10)
      activerecord (= 6.1.7.10)
      activestorage (= 6.1.7.10)
      activesupport (= 6.1.7.10)
      nokogiri (>= 1.8.5)
    actionview (6.1.7.10)
      activesupport (= 6.1.7.10)
      builder (~> 3.1)
      erubi (~> 1.4)
      rails-dom-testing (~> 2.0)
      rails-html-sanitizer (~> 1.1, >= 1.2.0)
    activejob (6.1.7.10)
      activesupport (= 6.1.7.10)
      globalid (>= 0.3.6)
    activemodel (6.1.7.10)
      activesupport (= 6.1.7.10)
    activemodel-serializers-xml (1.0.3)
      activemodel (>= 5.0.0.a)
      activesupport (>= 5.0.0.a)
      builder (~> 3.1)
    activerecord (6.1.7.10)
      activemodel (= 6.1.7.10)
      activesupport (= 6.1.7.10)
    activestorage (6.1.7.10)
      actionpack (= 6.1.7.10)
      activejob (= 6.1.7.10)
      activerecord (= 6.1.7.10)
      activesupport (= 6.1.7.10)
      marcel (~> 1.0)
      mini_mime (>= 1.1.0)
    activesupport (6.1.7.10)
      concurrent-ruby (~> 1.0, >= 1.0.2)
      i18n (>= 1.6, < 2)
      minitest (>= 5.1)
      tzinfo (~> 2.0)
      zeitwerk (~> 2.3)
    addressable (2.8.7)
      public_suffix (>= 2.0.2, < 7.0)
    ast (2.4.2)
    base64 (0.2.0)
    bcrypt (3.1.20)
    better_errors (2.10.1)
      erubi (>= 1.0.0)
      rack (>= 0.9.0)
      rouge (>= 1.0.0)
    bindex (0.8.1)
    binding_of_caller (1.0.1)
      debug_inspector (>= 1.2.0)
    bootsnap (1.18.4)
      msgpack (~> 1.2)
    builder (3.3.0)
    byebug (11.1.3)
    cancancan (3.6.1)
    capybara (3.39.2)
      addressable
      matrix
      mini_mime (>= 0.1.3)
      nokogiri (~> 1.8)
      rack (>= 1.6.0)
      rack-test (>= 0.6.3)
      regexp_parser (>= 1.5, < 3.0)
      xpath (~> 3.2)
    carrierwave (2.2.6)
      activemodel (>= 5.0.0)
      activesupport (>= 5.0.0)
      addressable (~> 2.6)
      image_processing (~> 1.1)
      marcel (~> 1.0.0)
      mini_mime (>= 0.1.3)
      ssrf_filter (~> 1.0)
    carrierwave-i18n (0.3.0)
    chart-js-rails (0.1.7)
      railties (> 3.1)
    childprocess (5.1.0)
      logger (~> 1.5)
    coderay (1.1.3)
    concurrent-ruby (1.3.4)
    crass (1.0.6)
    date (3.3.4)
    debug_inspector (1.2.0)
    declarative (0.0.20)
    diff-lcs (1.5.1)
    digest-crc (0.6.5)
      rake (>= 12.0.0, < 14.0.0)
    draper (4.0.2)
      actionpack (>= 5.0)
      activemodel (>= 5.0)
      activemodel-serializers-xml (>= 1.0)
      activesupport (>= 5.0)
      request_store (>= 1.0)
      ruby2_keywords
    enum_help (0.0.19)
      activesupport (>= 3.0.0)
    erubi (1.13.0)
    excon (1.0.0)
    factory_bot (6.5.0)
      activesupport (>= 5.0.0)
    factory_bot_rails (6.4.4)
      factory_bot (~> 6.5)
      railties (>= 5.0.0)
    faraday (1.10.4)
      faraday-em_http (~> 1.0)
      faraday-em_synchrony (~> 1.0)
      faraday-excon (~> 1.1)
      faraday-httpclient (~> 1.0)
      faraday-multipart (~> 1.0)
      faraday-net_http (~> 1.0)
      faraday-net_http_persistent (~> 1.0)
      faraday-patron (~> 1.0)
      faraday-rack (~> 1.0)
      faraday-retry (~> 1.0)
      ruby2_keywords (>= 0.0.4)
    faraday-em_http (1.0.0)
    faraday-em_synchrony (1.0.0)
    faraday-excon (1.1.0)
    faraday-httpclient (1.0.1)
    faraday-multipart (1.0.4)
      multipart-post (~> 2)
    faraday-net_http (1.0.2)
    faraday-net_http_persistent (1.2.0)
    faraday-patron (1.0.0)
    faraday-rack (1.0.0)
    faraday-retry (1.0.3)
    ffi (1.17.0)
    fog-aws (3.29.0)
      base64 (~> 0.2.0)
      fog-core (~> 2.6)
      fog-json (~> 1.1)
      fog-xml (~> 0.1)
    fog-core (2.6.0)
      builder
      excon (~> 1.0)
      formatador (>= 0.2, < 2.0)
      mime-types
    fog-json (1.2.0)
      fog-core
      multi_json (~> 1.10)
    fog-xml (0.1.4)
      fog-core
      nokogiri (>= 1.5.11, < 2.0.0)
    formatador (1.1.0)
    gapic-common (0.9.0)
      faraday (~> 1.3)
      google-protobuf (~> 3.14)
      googleapis-common-protos (>= 1.3.11, < 2.a)
      googleapis-common-protos-types (>= 1.0.6, < 2.a)
      googleauth (>= 0.17.0, < 2.a)
      grpc (~> 1.36)
    globalid (1.2.1)
      activesupport (>= 6.1)
    gon (6.4.0)
      actionpack (>= 3.0.20)
      i18n (>= 0.7)
      multi_json
      request_store (>= 1.0)
    google-apis-bigquery_v2 (0.61.0)
      google-apis-core (>= 0.11.0, < 2.a)
    google-apis-cloudresourcemanager_v1 (0.35.0)
      google-apis-core (>= 0.11.0, < 2.a)
    google-apis-core (0.11.3)
      addressable (~> 2.5, >= 2.5.1)
      googleauth (>= 0.16.2, < 2.a)
      httpclient (>= 2.8.1, < 3.a)
      mini_mime (~> 1.0)
      representable (~> 3.0)
      retriable (>= 2.0, < 4.a)
      rexml
    google-apis-dns_v1 (0.36.0)
      google-apis-core (>= 0.11.0, < 2.a)
    google-apis-iamcredentials_v1 (0.17.0)
      google-apis-core (>= 0.11.0, < 2.a)
    google-apis-storage_v1 (0.31.0)
      google-apis-core (>= 0.11.0, < 2.a)
    google-cloud (0.64.0)
      google-cloud-asset (~> 0.1)
      google-cloud-bigquery (~> 1.1)
      google-cloud-bigquery-data_transfer (~> 0.1)
      google-cloud-bigtable (~> 1.0)
      google-cloud-container (~> 0.1)
      google-cloud-dataproc (~> 0.1)
      google-cloud-datastore (~> 1.4)
      google-cloud-dialogflow (~> 0.1)
      google-cloud-dlp (~> 0.4)
      google-cloud-dns (~> 0.28)
      google-cloud-error_reporting (~> 0.30)
      google-cloud-firestore (~> 1.0)
      google-cloud-kms (~> 1.0)
      google-cloud-language (~> 0.30)
      google-cloud-logging (~> 1.5)
      google-cloud-monitoring (~> 0.28)
      google-cloud-os_login (~> 0.1)
      google-cloud-phishing_protection (~> 0.1)
      google-cloud-pubsub (~> 1.0)
      google-cloud-recaptcha_enterprise (~> 0.1)
      google-cloud-redis (~> 0.2)
      google-cloud-resource_manager (~> 0.29)
      google-cloud-scheduler (~> 1.0)
      google-cloud-security_center (~> 0.1)
      google-cloud-spanner (~> 1.3)
      google-cloud-speech (~> 0.29)
      google-cloud-storage (~> 1.10)
      google-cloud-talent (~> 0.1)
      google-cloud-tasks (~> 1.0)
      google-cloud-text_to_speech (~> 0.1)
      google-cloud-trace (~> 0.31)
      google-cloud-translate (~> 2.0)
      google-cloud-video_intelligence (~> 2.0)
      google-cloud-vision (~> 0.28)
    google-cloud-asset (0.8.1)
      google-gax (~> 1.8)
      googleapis-common-protos (>= 1.3.9, < 2.0)
      googleapis-common-protos-types (>= 1.0.4, < 2.0)
      grpc-google-iam-v1 (~> 0.6.9)
    google-cloud-bigquery (1.45.0)
      concurrent-ruby (~> 1.0)
      google-apis-bigquery_v2 (~> 0.1)
      google-cloud-core (~> 1.6)
      googleauth (>= 0.16.2, < 2.a)
      mini_mime (~> 1.0)
    google-cloud-bigquery-data_transfer (0.9.0)
      google-gax (~> 1.8)
      googleapis-common-protos (>= 1.3.9, < 2.0)
      googleapis-common-protos-types (>= 1.0.4, < 2.0)
    google-cloud-bigtable (1.3.0)
      google-cloud-core (~> 1.1)
      google-gax (~> 1.8)
      googleapis-common-protos (>= 1.3.9, < 2.0)
      googleapis-common-protos-types (>= 1.0.4, < 2.0)
      grpc-google-iam-v1 (~> 0.6.9)
    google-cloud-container (0.11.0)
      google-gax (~> 1.8)
      googleapis-common-protos (>= 1.3.9, < 2.0)
      googleapis-common-protos-types (>= 1.0.4, < 2.0)
    google-cloud-core (1.7.1)
      google-cloud-env (>= 1.0, < 3.a)
      google-cloud-errors (~> 1.0)
    google-cloud-dataproc (0.10.0)
      google-gax (~> 1.8)
      googleapis-common-protos (>= 1.3.9, < 2.0)
      googleapis-common-protos-types (>= 1.0.4, < 2.0)
    google-cloud-datastore (1.8.2)
      google-cloud-core (~> 1.2)
      google-gax (~> 1.8)
      googleapis-common-protos (>= 1.3.9, < 2.0)
      googleapis-common-protos-types (>= 1.0.4, < 2.0)
    google-cloud-dialogflow (0.15.0)
      google-gax (~> 1.8)
      googleapis-common-protos (>= 1.3.9, < 2.0)
      googleapis-common-protos-types (>= 1.0.4, < 2.0)
    google-cloud-dlp (0.15.0)
      google-gax (~> 1.8)
      googleapis-common-protos (>= 1.3.9, < 2.0)
      googleapis-common-protos-types (>= 1.0.4, < 2.0)
    google-cloud-dns (0.37.0)
      google-apis-dns_v1 (~> 0.1)
      google-cloud-core (~> 1.6)
      googleauth (>= 0.16.2, < 2.a)
      zonefile (~> 1.04)
    google-cloud-env (2.1.1)
      faraday (>= 1.0, < 3.a)
    google-cloud-error_reporting (0.43.0)
      concurrent-ruby (~> 1.1)
      google-cloud-core (~> 1.5)
      google-cloud-error_reporting-v1beta1 (~> 0.0)
      stackdriver-core (~> 1.3)
    google-cloud-error_reporting-v1beta1 (0.4.5)
      gapic-common (>= 0.7, < 2.a)
      google-cloud-errors (~> 1.0)
    google-cloud-errors (1.4.0)
    google-cloud-firestore (1.4.4)
      concurrent-ruby (~> 1.0)
      google-cloud-core (~> 1.2)
      google-gax (~> 1.8)
      googleapis-common-protos (>= 1.3.9, < 2.0)
      googleapis-common-protos-types (>= 1.0.4, < 2.0)
      rbtree (~> 0.4.2)
    google-cloud-kms (1.6.0)
      google-gax (~> 1.8)
      googleapis-common-protos (>= 1.3.9, < 2.0)
      googleapis-common-protos-types (>= 1.0.4, < 2.0)
      grpc-google-iam-v1 (~> 0.6.9)
    google-cloud-language (0.36.0)
      google-gax (~> 1.8)
      googleapis-common-protos (>= 1.3.9, < 2.0)
      googleapis-common-protos-types (>= 1.0.4, < 2.0)
    google-cloud-logging (1.10.9)
      concurrent-ruby (~> 1.1)
      google-cloud-core (~> 1.2)
      google-gax (~> 1.8)
      googleapis-common-protos (>= 1.3.9, < 2.0)
      googleapis-common-protos-types (>= 1.0.4, < 2.0)
      stackdriver-core (~> 1.3)
    google-cloud-monitoring (0.38.0)
      google-gax (~> 1.8)
      googleapis-common-protos (>= 1.3.9, < 2.0)
      googleapis-common-protos-types (>= 1.0.4, < 2.0)
    google-cloud-os_login (0.7.0)
      google-gax (~> 1.8)
      googleapis-common-protos (>= 1.3.9, < 2.0)
      googleapis-common-protos-types (>= 1.0.4, < 2.0)
    google-cloud-phishing_protection (0.12.0)
      google-cloud-core (~> 1.6)
      google-cloud-phishing_protection-v1beta1 (>= 0.0, < 2.a)
    google-cloud-phishing_protection-v1beta1 (0.3.5)
      gapic-common (>= 0.7, < 2.a)
      google-cloud-errors (~> 1.0)
    google-cloud-pubsub (1.10.0)
      concurrent-ruby (~> 1.1)
      google-cloud-core (~> 1.2)
      google-gax (~> 1.8)
      googleapis-common-protos (>= 1.3.9, < 2.0)
      googleapis-common-protos-types (>= 1.0.4, < 2.0)
      grpc-google-iam-v1 (~> 0.6.9)
    google-cloud-recaptcha_enterprise (0.6.0)
      google-gax (~> 1.8)
      googleapis-common-protos (>= 1.3.9, < 2.0)
      googleapis-common-protos-types (>= 1.0.4, < 2.0)
      grpc-google-iam-v1 (~> 0.6.9)
    google-cloud-redis (0.8.2)
      google-gax (~> 1.8)
      googleapis-common-protos (>= 1.3.9, < 2.0)
      googleapis-common-protos-types (>= 1.0.4, < 2.0)
    google-cloud-resource_manager (0.38.0)
      google-apis-cloudresourcemanager_v1 (~> 0.1)
      google-cloud-core (~> 1.6)
      googleauth (>= 0.16.2, < 2.a)
    google-cloud-scheduler (1.3.1)
      google-gax (~> 1.8)
      googleapis-common-protos (>= 1.3.9, < 2.0)
      googleapis-common-protos-types (>= 1.0.4, < 2.0)
    google-cloud-security_center (0.10.0)
      google-gax (~> 1.8)
      googleapis-common-protos (>= 1.3.9, < 2.0)
      googleapis-common-protos-types (>= 1.0.4, < 2.0)
      grpc-google-iam-v1 (~> 0.6.9)
    google-cloud-spanner (1.16.2)
      concurrent-ruby (~> 1.0)
      google-cloud-core (~> 1.2)
      google-gax (~> 1.8)
      googleapis-common-protos (>= 1.3.9, < 2.0)
      googleapis-common-protos-types (>= 1.0.4, < 2.0)
      grpc-google-iam-v1 (~> 0.6.9)
    google-cloud-speech (0.41.0)
      google-gax (~> 1.8)
      googleapis-common-protos (>= 1.3.9, < 2.0)
      googleapis-common-protos-types (>= 1.0.4, < 2.0)
    google-cloud-storage (1.47.0)
      addressable (~> 2.8)
      digest-crc (~> 0.4)
      google-apis-iamcredentials_v1 (~> 0.1)
      google-apis-storage_v1 (~> 0.31.0)
      google-cloud-core (~> 1.6)
      googleauth (>= 0.16.2, < 2.a)
      mini_mime (~> 1.0)
    google-cloud-talent (0.20.0)
      google-cloud-core (~> 1.5)
      google-cloud-talent-v4beta1 (~> 0.0)
    google-cloud-talent-v4beta1 (0.5.0)
      gapic-common (>= 0.7, < 2.a)
      google-cloud-errors (~> 1.0)
    google-cloud-tasks (1.5.1)
      google-gax (~> 1.8)
      googleapis-common-protos (>= 1.3.9, < 2.0)
      googleapis-common-protos-types (>= 1.0.4, < 2.0)
      grpc-google-iam-v1 (~> 0.6.9)
    google-cloud-text_to_speech (0.7.0)
      google-gax (~> 1.8)
      googleapis-common-protos (>= 1.3.9, < 2.0)
      googleapis-common-protos-types (>= 1.0.4, < 2.0)
    google-cloud-trace (0.44.0)
      concurrent-ruby (~> 1.1)
      google-cloud-core (~> 1.5)
      google-cloud-trace-v1 (>= 0.0, < 2.a)
      google-cloud-trace-v2 (>= 0.0, < 2.a)
      stackdriver-core (~> 1.3)
    google-cloud-trace-v1 (0.3.5)
      gapic-common (>= 0.7, < 2.a)
      google-cloud-errors (~> 1.0)
    google-cloud-trace-v2 (0.3.5)
      gapic-common (>= 0.7, < 2.a)
      google-cloud-errors (~> 1.0)
    google-cloud-translate (2.3.0)
      faraday (>= 0.17.3, < 2.0)
      google-cloud-core (~> 1.2)
      google-gax (~> 1.8)
      googleapis-common-protos (>= 1.3.9, < 2.0)
      googleapis-common-protos-types (>= 1.0.4, < 2.0)
    google-cloud-video_intelligence (2.1.1)
      google-gax (~> 1.8)
      googleapis-common-protos (>= 1.3.9, < 2.0)
      googleapis-common-protos-types (>= 1.0.4, < 2.0)
    google-cloud-vision (0.38.0)
      google-gax (~> 1.8)
      googleapis-common-protos (>= 1.3.9, < 2.0)
      googleapis-common-protos-types (>= 1.0.4, < 2.0)
    google-gax (1.8.2)
      google-protobuf (~> 3.9)
      googleapis-common-protos (>= 1.3.9, < 2.0)
      googleapis-common-protos-types (>= 1.0.4, < 2.0)
      googleauth (~> 0.9)
      grpc (~> 1.24)
      rly (~> 0.2.3)
    google-protobuf (3.25.5)
    googleapis-common-protos (1.6.0)
      google-protobuf (>= 3.18, < 5.a)
      googleapis-common-protos-types (~> 1.7)
      grpc (~> 1.41)
    googleapis-common-protos-types (1.16.0)
      google-protobuf (>= 3.18, < 5.a)
    googleauth (0.17.1)
      faraday (>= 0.17.3, < 2.0)
      jwt (>= 1.4, < 3.0)
      memoist (~> 0.16)
      multi_json (~> 1.11)
      os (>= 0.9, < 2.0)
      signet (~> 0.15)
    grpc (1.65.2)
      google-protobuf (>= 3.25, < 5.0)
      googleapis-common-protos-types (~> 1.0)
    grpc-google-iam-v1 (0.6.11)
      google-protobuf (~> 3.14)
      googleapis-common-protos (>= 1.3.11, < 2.0)
      grpc (~> 1.27)
    haml (5.2.2)
      temple (>= 0.8.0)
      tilt
    hashie (5.0.0)
    httpclient (2.8.3)
    i18n (1.14.6)
      concurrent-ruby (~> 1.0)
    image_processing (1.13.0)
      mini_magick (>= 4.9.5, < 5)
      ruby-vips (>= 2.0.17, < 3)
    jbuilder (2.13.0)
      actionview (>= 5.0.0)
      activesupport (>= 5.0.0)
    jquery-rails (4.6.0)
      rails-dom-testing (>= 1, < 3)
      railties (>= 4.2.0)
      thor (>= 0.14, < 2.0)
    jquery-ui-rails (6.0.1)
      railties (>= 3.2.16)
    json (2.7.4)
    jwt (2.9.3)
      base64
    kaminari (1.2.2)
      activesupport (>= 4.1.0)
      kaminari-actionview (= 1.2.2)
      kaminari-activerecord (= 1.2.2)
      kaminari-core (= 1.2.2)
    kaminari-actionview (1.2.2)
      actionview
      kaminari-core (= 1.2.2)
    kaminari-activerecord (1.2.2)
      activerecord
      kaminari-core (= 1.2.2)
    kaminari-core (1.2.2)
    language_server-protocol (3.17.0.3)
    launchy (3.0.1)
      addressable (~> 2.8)
      childprocess (~> 5.0)
    letter_opener (1.10.0)
      launchy (>= 2.2, < 4)
    letter_opener_web (2.0.0)
      actionmailer (>= 5.2)
      letter_opener (~> 1.7)
      railties (>= 5.2)
      rexml
    listen (3.9.0)
      rb-fsevent (~> 0.10, >= 0.10.3)
      rb-inotify (~> 0.9, >= 0.9.10)
    logger (1.6.1)
    loofah (2.23.1)
      crass (~> 1.0.2)
      nokogiri (>= 1.12.0)
    mail (2.8.1)
      mini_mime (>= 0.1.1)
      net-imap
      net-pop
      net-smtp
    marcel (1.0.4)
    matrix (0.4.2)
    memoist (0.16.2)
    method_source (1.1.0)
    mime-types (3.6.0)
      logger
      mime-types-data (~> 3.2015)
    mime-types-data (3.2024.1001)
    mini_magick (4.13.2)
    mini_mime (1.1.5)
    mini_portile2 (2.8.7)
    minitest (5.25.1)
    msgpack (1.7.3)
    multi_json (1.15.0)
    multi_xml (0.6.0)
    multipart-post (2.4.1)
    nested_form (0.3.2)
    net-imap (0.3.7)
      date
      net-protocol
    net-pop (0.1.2)
      net-protocol
    net-protocol (0.2.2)
      timeout
    net-smtp (0.5.0)
      net-protocol
    nio4r (2.7.3)
    nokogiri (1.15.6)
      mini_portile2 (~> 2.8.2)
      racc (~> 1.4)
    oauth (1.1.0)
      oauth-tty (~> 1.0, >= 1.0.1)
      snaky_hash (~> 2.0)
      version_gem (~> 1.1)
    oauth-tty (1.0.5)
      version_gem (~> 1.1, >= 1.1.1)
    oauth2 (2.0.9)
      faraday (>= 0.17.3, < 3.0)
      jwt (>= 1.0, < 3.0)
      multi_xml (~> 0.5)
      rack (>= 1.2, < 4)
      snaky_hash (~> 2.0)
      version_gem (~> 1.1)
    os (1.1.4)
    pagy (5.10.1)
      activesupport
    parallel (1.26.3)
    parser (3.3.5.0)
      ast (~> 2.4.1)
      racc
    pg (1.5.9)
    pry (0.14.2)
      coderay (~> 1.1)
      method_source (~> 1.0)
    pry-byebug (3.10.1)
      byebug (~> 11.0)
      pry (>= 0.13, < 0.15)
    pry-rails (0.3.11)
      pry (>= 0.13.0)
    public_suffix (5.1.1)
    puma (5.6.9)
      nio4r (~> 2.0)
    racc (1.8.1)
    rack (2.2.10)
    rack-pjax (1.1.0)
      nokogiri (~> 1.5)
      rack (>= 1.1)
    rack-proxy (0.7.7)
      rack
    rack-test (2.1.0)
      rack (>= 1.3)
    rails (6.1.7.10)
      actioncable (= 6.1.7.10)
      actionmailbox (= 6.1.7.10)
      actionmailer (= 6.1.7.10)
      actionpack (= 6.1.7.10)
      actiontext (= 6.1.7.10)
      actionview (= 6.1.7.10)
      activejob (= 6.1.7.10)
      activemodel (= 6.1.7.10)
      activerecord (= 6.1.7.10)
      activestorage (= 6.1.7.10)
      activesupport (= 6.1.7.10)
      bundler (>= 1.15.0)
      railties (= 6.1.7.10)
      sprockets-rails (>= 2.0.0)
    rails-dom-testing (2.2.0)
      activesupport (>= 5.0.0)
      minitest
      nokogiri (>= 1.6)
    rails-html-sanitizer (1.6.0)
      loofah (~> 2.21)
      nokogiri (~> 1.14)
    rails-i18n (7.0.9)
      i18n (>= 0.7, < 2)
      railties (>= 6.0.0, < 8)
    rails_admin (2.3.1)
      activemodel-serializers-xml (>= 1.0)
      builder (~> 3.1)
      haml (>= 4.0, < 6)
      jquery-rails (>= 3.0, < 5)
      jquery-ui-rails (>= 5.0, < 7)
      kaminari (>= 0.14, < 2.0)
      nested_form (~> 0.3)
      rack-pjax (>= 0.7)
      rails (>= 5.0, < 7)
      remotipart (~> 1.3)
      sassc-rails (>= 1.3, < 3)
    rails_admin-i18n (1.20.1)
    railties (6.1.7.10)
      actionpack (= 6.1.7.10)
      activesupport (= 6.1.7.10)
      method_source
      rake (>= 12.2)
      thor (~> 1.0)
    rainbow (3.1.1)
    rake (13.2.1)
    rb-fsevent (0.11.2)
    rb-inotify (0.11.1)
      ffi (~> 1.0)
    rbtree (0.4.6)
    regexp_parser (2.9.2)
    remotipart (1.4.4)
    representable (3.2.0)
      declarative (< 0.1.0)
      trailblazer-option (>= 0.1.1, < 0.2.0)
      uber (< 0.2.0)
    request_store (1.7.0)
      rack (>= 1.4)
    retriable (3.1.2)
    rexml (3.3.9)
    rly (0.2.3)
    rouge (4.4.0)
    rspec-core (3.13.2)
      rspec-support (~> 3.13.0)
    rspec-expectations (3.13.3)
      diff-lcs (>= 1.2.0, < 2.0)
      rspec-support (~> 3.13.0)
    rspec-mocks (3.13.2)
      diff-lcs (>= 1.2.0, < 2.0)
      rspec-support (~> 3.13.0)
    rspec-rails (5.0.3)
      actionpack (>= 5.2)
      activesupport (>= 5.2)
      railties (>= 5.2)
      rspec-core (~> 3.10)
      rspec-expectations (~> 3.10)
      rspec-mocks (~> 3.10)
      rspec-support (~> 3.10)
    rspec-support (3.13.1)
    rspec_junit_formatter (0.6.0)
      rspec-core (>= 2, < 4, != 2.12.0)
    rubocop (1.67.0)
      json (~> 2.3)
      language_server-protocol (>= 3.17.0)
      parallel (~> 1.10)
      parser (>= 3.3.0.2)
      rainbow (>= 2.2.2, < 4.0)
      regexp_parser (>= 2.4, < 3.0)
      rubocop-ast (>= 1.32.2, < 2.0)
      ruby-progressbar (~> 1.7)
      unicode-display_width (>= 2.4.0, < 3.0)
    rubocop-ast (1.32.3)
      parser (>= 3.3.1.0)
    rubocop-rails (2.27.0)
      activesupport (>= 4.2.0)
      rack (>= 1.1)
      rubocop (>= 1.52.0, < 2.0)
      rubocop-ast (>= 1.31.1, < 2.0)
    ruby-progressbar (1.13.0)
    ruby-vips (2.2.2)
      ffi (~> 1.12)
      logger
    ruby2_keywords (0.0.5)
    rubyzip (2.3.2)
    sass-rails (6.0.0)
      sassc-rails (~> 2.1, >= 2.1.1)
    sassc (2.4.0)
      ffi (~> 1.9)
    sassc-rails (2.1.2)
      railties (>= 4.0.0)
      sassc (>= 2.0)
      sprockets (> 3.0)
      sprockets-rails
      tilt
    seed-fu (2.3.9)
      activerecord (>= 3.1)
      activesupport (>= 3.1)
    selenium-webdriver (4.9.0)
      rexml (~> 3.2, >= 3.2.5)
      rubyzip (>= 1.2.2, < 3.0)
      websocket (~> 1.0)
    semantic_range (3.0.0)
    signet (0.19.0)
      addressable (~> 2.8)
      faraday (>= 0.17.5, < 3.a)
      jwt (>= 1.5, < 3.0)
      multi_json (~> 1.10)
    snaky_hash (2.0.1)
      hashie
      version_gem (~> 1.1, >= 1.1.1)
    sorcery (0.17.0)
      bcrypt (~> 3.1)
      oauth (>= 0.6)
      oauth2 (~> 2.0)
    spring (4.2.1)
    sprockets (4.2.1)
      concurrent-ruby (~> 1.0)
      rack (>= 2.2.4, < 4)
    sprockets-rails (3.5.2)
      actionpack (>= 6.1)
      activesupport (>= 6.1)
      sprockets (>= 3.0.0)
    ssrf_filter (1.1.2)
    stackdriver-core (1.6.0)
      google-cloud-core (~> 1.2)
    temple (0.10.3)
    thor (1.3.2)
    tilt (2.4.0)
    timeout (0.4.1)
    trailblazer-option (0.1.2)
    tzinfo (2.0.6)
      concurrent-ruby (~> 1.0)
    tzinfo-data (1.2024.2)
      tzinfo (>= 1.0.0)
    uber (0.1.0)
    unicode-display_width (2.6.0)
    version_gem (1.1.4)
    web-console (4.2.1)
      actionview (>= 6.0.0)
      activemodel (>= 6.0.0)
      bindex (>= 0.4.0)
      railties (>= 6.0.0)
    webdrivers (5.3.1)
      nokogiri (~> 1.6)
      rubyzip (>= 1.3.0)
      selenium-webdriver (~> 4.0, < 4.11)
    webpacker (5.4.4)
      activesupport (>= 5.2)
      rack-proxy (>= 0.6.1)
      railties (>= 5.2)
      semantic_range (>= 2.3.0)
    websocket (1.2.11)
    websocket-driver (0.7.6)
      websocket-extensions (>= 0.1.0)
    websocket-extensions (0.1.5)
    xpath (3.2.0)
      nokogiri (~> 1.8)
    zeitwerk (2.6.18)
    zonefile (1.06)

PLATFORMS
  ruby

DEPENDENCIES
  better_errors
  binding_of_caller
  bootsnap (>= 1.4.4)
  byebug
  cancancan
  capybara
  carrierwave (~> 2.0)
  carrierwave-i18n
  chart-js-rails
  draper
  enum_help
  factory_bot_rails (~> 6.4.4)
  fog-aws
  gon
  google-cloud
  google-cloud-translate
  jbuilder (~> 2.7)
  letter_opener_web (~> 2.0)
  listen (~> 3.3)
  mini_magick
  pagy (~> 5.10)
  pg (~> 1.1)
  pry-byebug
  pry-rails
  puma (~> 5.0)
  rails (~> 6.1.4)
  rails-i18n
  rails_admin (~> 2.0)
  rails_admin-i18n
  rspec-rails (~> 5.0.0)
  rspec_junit_formatter
  rubocop
  rubocop-rails
  sass-rails (>= 6)
  seed-fu
  sorcery
  spring
  tzinfo-data
  web-console (>= 4.1.0)
  webdrivers
  webpacker (~> 5.0)

RUBY VERSION
   ruby 3.2.2p53

BUNDLED WITH
   2.1.4
